GEM
  remote: https://rubygems.org/
  specs:
    coffee-script (2.2.0)
      coffee-script-source
      execjs
    coffee-script-source (1.6.2)
    commander (4.1.3)
      highline (~> 1.6.11)
    execjs (1.4.0)
      multi_json (~> 1.0)
    ffi (1.8.1)
    haml (4.0.3)
      tilt
    highline (1.6.19)
    listen (1.1.3)
      rb-fsevent (>= 0.9.3)
      rb-inotify (>= 0.9)
      rb-kqueue (>= 0.2)
    multi_json (1.7.3)
    rb-fsevent (0.9.3)
    rb-inotify (0.9.0)
      ffi (>= 0.5.0)
    rb-kqueue (0.2.0)
      ffi (>= 0.5.0)
    sass (3.2.9)
    staticise (0.5.10)
      coffee-script
      commander
      haml
      listen
      sass
    tilt (1.4.1)

PLATFORMS
  ruby

DEPENDENCIES
  staticise
